GIT
  remote: git://github.com/deivid-rodriguez/byebug.git
  revision: d4af9c655fe6eba84b9f122e0dde21afb2a10c2c
  specs:
    byebug (5.0.0)

GIT
  remote: git://github.com/mojombo/jekyll.git
  revision: d2e948600f813722d1732e6659332926dc6405fd
  specs:
    jekyll (1.4.0)
      classifier (~> 1.3)
      colorator (~> 0.1)
      commander (~> 4.1.3)
      liquid (~> 2.5.2)
      listen (~> 1.3)
      maruku (~> 0.7.0)
      pygments.rb (~> 0.5.0)
      redcarpet (~> 2.3.0)
      safe_yaml (~> 0.9.7)
      toml (~> 0.1.0)

GEM
  remote: https://rubygems.org/
  specs:
    RedCloth (4.2.9)
    blankslate (2.1.2.4)
    classifier (1.3.3)
      fast-stemmer (>= 1.0.0)
    colorator (0.1)
    columnize (0.3.6)
    commander (4.1.5)
      highline (~> 1.6.11)
    debugger (1.6.3)
      columnize (>= 0.3.1)
      debugger-linecache (~> 1.2.0)
      debugger-ruby_core_source (~> 1.2.4)
    debugger-linecache (1.2.0)
    debugger-ruby_core_source (1.2.4)
    diff-lcs (1.2.5)
    fast-stemmer (1.0.2)
    ffi (1.9.3)
    ffi (1.9.3-x86-mingw32)
    highline (1.6.20)
    kramdown (1.2.0)
    liquid (2.5.4)
    listen (1.3.1)
      rb-fsevent (>= 0.9.3)
      rb-inotify (>= 0.9)
      rb-kqueue (>= 0.2)
    maruku (0.7.0)
    mini_portile (0.5.2)
    nokogiri (1.6.0)
      mini_portile (~> 0.5.0)
    nokogiri (1.6.0-x86-mingw32)
      mini_portile (~> 0.5.0)
    parslet (1.5.0)
      blankslate (~> 2.0)
    posix-spawn (0.3.8)
    pygments.rb (0.5.4)
      posix-spawn (~> 0.3.6)
      yajl-ruby (~> 1.1.0)
    rb-fsevent (0.9.3)
    rb-inotify (0.9.2)
      ffi (>= 0.5.0)
    rb-kqueue (0.2.0)
      ffi (>= 0.5.0)
    rdiscount (2.1.7)
    redcarpet (2.3.0)
    rspec (2.14.1)
      rspec-core (~> 2.14.0)
      rspec-expectations (~> 2.14.0)
      rspec-mocks (~> 2.14.0)
    rspec-core (2.14.7)
    rspec-expectations (2.14.4)
      diff-lcs (>= 1.1.3, < 2.0)
    rspec-mocks (2.14.4)
    safe_yaml (0.9.7)
    toml (0.1.0)
      parslet (~> 1.5.0)
    yajl-ruby (1.1.0)

PLATFORMS
  ruby

DEPENDENCIES
  RedCloth
  byebug!
  jekyll!
  kramdown
  nokogiri
  rdiscount
  redcarpet
  rspec

BUNDLED WITH
   1.10.4
